GEM
  remote: https://rubygems.org/
  specs:
    addressable (2.8.6)
      public_suffix (>= 2.0.2, < 6.0)
    base64 (0.2.0)
    connection_pool (2.4.1)
    csv (3.2.8)
    date (3.3.4)
    domain_name (0.6.20231109)
    faraday (2.8.1)
      base64
      faraday-net_http (>= 2.0, < 3.1)
      ruby2_keywords (>= 0.0.4)
    faraday-net_http (3.0.2)
    http-cookie (1.0.5)
      domain_name (~> 0.5)
    json (2.7.1)
    logger (1.6.0)
    mail (2.8.1)
      mini_mime (>= 0.1.1)
      net-imap
      net-pop
      net-smtp
    mechanize (2.9.1)
      addressable (~> 2.8)
      domain_name (~> 0.5, >= 0.5.20190701)
      http-cookie (~> 1.0, >= 1.0.3)
      mime-types (~> 3.0)
      net-http-digest_auth (~> 1.4, >= 1.4.1)
      net-http-persistent (>= 2.5.2, < 5.0.dev)
      nokogiri (~> 1.11, >= 1.11.2)
      rubyntlm (~> 0.6, >= 0.6.3)
      webrick (~> 1.7)
      webrobots (~> 0.1.2)
    mime-types (3.5.1)
      mime-types-data (~> 3.2015)
    mime-types-data (3.2023.1205)
    mini_mime (1.1.5)
    net-http-digest_auth (1.4.1)
    net-http-persistent (4.0.2)
      connection_pool (~> 2.2)
    net-imap (0.4.9)
      date
      net-protocol
    net-pop (0.1.2)
      net-protocol
    net-protocol (0.2.2)
      timeout
    net-smtp (0.4.0)
      net-protocol
    nokogiri (1.16.0-x64-mingw-ucrt)
      racc (~> 1.4)
    open-uri (0.4.1)
      stringio
      time
      uri
    pathname (0.3.0)
    pony (1.13.1)
      mail (>= 2.0)
    public_suffix (5.0.4)
    racc (1.7.3)
    ruby2_keywords (0.0.5)
    rubyntlm (0.6.3)
    rubyzip (2.3.2)
    stringio (3.1.0)
    thread (0.2.2)
    time (0.3.0)
      date
    timeout (0.4.1)
    uri (0.13.0)
    webrick (1.8.1)
    webrobots (0.1.2)
    yaml (0.3.0)

PLATFORMS
  x64-mingw-ucrt

DEPENDENCIES
  csv
  faraday
  json
  logger
  mechanize
  nokogiri
  open-uri
  pathname
  pony
  rubyzip
  thread
  yaml

BUNDLED WITH
   2.5.3
